GEM
  remote: https://rubygems.org/
  specs:
    anyway_config (2.6.3)
      ruby-next-core (~> 1.0)
    base64 (0.2.0)
    concurrent-ruby (1.2.3)
    dry-initializer (3.1.1)
    mustermann (3.0.0)
      ruby2_keywords (~> 0.0.1)
    nio4r (2.7.0)
    pg (1.5.5)
    prometheus-client (4.2.2)
    prometheus-client-mmap (1.1.1)
      rb_sys (~> 0.9.86)
    prometheus-client-mmap (1.1.1-aarch64-linux)
      rb_sys (~> 0.9.86)
    prometheus-client-mmap (1.1.1-arm64-darwin)
      rb_sys (~> 0.9.86)
    prometheus-client-mmap (1.1.1-x86_64-darwin)
      rb_sys (~> 0.9.86)
    prometheus-client-mmap (1.1.1-x86_64-linux)
      rb_sys (~> 0.9.86)
    puma (6.4.2)
      nio4r (~> 2.0)
    rack (3.0.9.1)
    rack-protection (4.0.0)
      base64 (>= 0.1.0)
      rack (>= 3.0.0, < 4)
    rack-session (2.0.0)
      rack (>= 3.0.0)
    rackup (2.1.0)
      rack (>= 3)
      webrick (~> 1.8)
    rb_sys (0.9.89)
    ruby-next-core (1.0.2)
    ruby2_keywords (0.0.5)
    sinatra (4.0.0)
      mustermann (~> 3.0)
      rack (>= 3.0.0, < 4)
      rack-protection (= 4.0.0)
      rack-session (>= 2.0.0, < 3)
      tilt (~> 2.0)
    sniffer (0.5.0)
      anyway_config (>= 1.0)
      dry-initializer (~> 3)
    tilt (2.3.0)
    webrick (1.8.1)
    yabeda (0.12.0)
      anyway_config (>= 1.0, < 3)
      concurrent-ruby
      dry-initializer
    yabeda-http_requests (0.2.1)
      sniffer
      yabeda
    yabeda-prometheus (0.9.1)
      prometheus-client (>= 3.0, < 5.0)
      rack
      yabeda (~> 0.10)
    yabeda-prometheus-mmap (0.4.0)
      prometheus-client-mmap
      yabeda (~> 0.10)

PLATFORMS
  aarch64-linux
  arm64-darwin
  ruby
  x86_64-darwin
  x86_64-linux

DEPENDENCIES
  pg
  puma
  rack
  rackup
  sinatra
  yabeda
  yabeda-http_requests
  yabeda-prometheus
  yabeda-prometheus-mmap

BUNDLED WITH
   2.5.3
